GEM
  remote: https://rubygems.org/
  specs:
    dbus-systemd (1.1.2)
      ruby-dbus (~> 0.14)
    multi_json (1.15.0)
    mustermann (3.0.0)
      ruby2_keywords (~> 0.0.1)
    nio4r (2.5.9)
    puma (6.4.0)
      nio4r (~> 2.0)
    rack (2.2.8)
    rack-protection (3.1.0)
      rack (~> 2.2, >= 2.2.4)
    rexml (3.2.6)
    ruby-dbus (0.22.1)
      rexml
    ruby2_keywords (0.0.5)
    sinatra (3.1.0)
      mustermann (~> 3.0)
      rack (~> 2.2, >= 2.2.4)
      rack-protection (= 3.1.0)
      tilt (~> 2.0)
    sinatra-contrib (3.1.0)
      multi_json
      mustermann (~> 3.0)
      rack-protection (= 3.1.0)
      sinatra (= 3.1.0)
      tilt (~> 2.0)
    tilt (2.2.0)

PLATFORMS
  aarch64-linux

DEPENDENCIES
  dbus-systemd
  puma (~> 6.4)
  sinatra
  sinatra-contrib

RUBY VERSION
   ruby 3.2.2p53

BUNDLED WITH
   2.4.20
